GEM
  remote: https://rubygems.org/
  specs:
<<<<<<< Updated upstream
<<<<<<< Updated upstream
    diff-lcs (1.5.0)
    rspec (3.12.0)
      rspec-core (~> 3.12.0)
      rspec-expectations (~> 3.12.0)
      rspec-mocks (~> 3.12.0)
    rspec-core (3.12.0)
      rspec-support (~> 3.12.0)
    rspec-expectations (3.12.1)
      diff-lcs (>= 1.2.0, < 2.0)
      rspec-support (~> 3.12.0)
    rspec-mocks (3.12.1)
      diff-lcs (>= 1.2.0, < 2.0)
      rspec-support (~> 3.12.0)
    rspec-support (3.12.0)
=======
>>>>>>> Stashed changes
=======
>>>>>>> Stashed changes

PLATFORMS
  x86_64-linux

DEPENDENCIES
<<<<<<< Updated upstream
<<<<<<< Updated upstream
  rspec (~> 3.0)
=======
>>>>>>> Stashed changes
=======
>>>>>>> Stashed changes

BUNDLED WITH
   2.3.5
